GEM
  remote: https://rubygems.org/
  specs:
    ruby2d (0.9.5)

PLATFORMS
  armv7l-linux
  x86_64-linux

DEPENDENCIES
  ruby2d (~> 0.9)

BUNDLED WITH
   2.2.11
