GEM
  remote: https://rubygems.org/
  specs:
    concurrent-ruby (1.1.8)
    faker (1.9.6)
      i18n (>= 0.7)
    i18n (1.8.9)
      concurrent-ruby (~> 1.0)

PLATFORMS
  armv7l-linux-eabihf

DEPENDENCIES
  faker (~> 1.9)

BUNDLED WITH
   2.2.10
