GEM
  remote: https://rubygems.org/
  specs:
    ruby2d (0.9.5)

PLATFORMS
  armv7l-linux-eabihf

DEPENDENCIES
  ruby2d (~> 0.9)

BUNDLED WITH
   2.2.10
